GEM
  remote: https://rubygems.ord/
  specs:
    redcarpet (3.2.0)

PLATFORMS
  ruby

DEPENDENCIES
  redcarpet
