GEM
  specs:
    redcarpet (3.3.2)

PLATFORMS
  ruby

DEPENDENCIES
  redcarpet
